PATH
  remote: .
  specs:
    Ritournelle (0.0.1)

GEM
  remote: https://rubygems.org/
  specs:
    docile (1.3.2)
    minitest (5.14.0)
    rake (13.0.1)
    simplecov (0.18.1)
      docile (~> 1.1)
      simplecov-html (~> 0.11.0)
    simplecov-html (0.11.0)

PLATFORMS
  ruby

DEPENDENCIES
  Ritournelle!
  bundler (~> 2.0)
  minitest (~> 5.8)
  rake (~> 13.0)
  simplecov (~> 0.18.1)

BUNDLED WITH
   2.1.2
