PATH
  remote: .
  specs:
    Ritournelle (0.0.1)

GEM
  remote: https://rubygems.org/
  specs:
    minitest (5.12.2)
    rake (10.5.0)

PLATFORMS
  ruby

DEPENDENCIES
  Ritournelle!
  bundler (~> 2.0)
  minitest (~> 5.8)
  rake (~> 10.0)

BUNDLED WITH
   2.0.2
